PATH
  remote: .
  specs:
    data_helpers (0.1.0)
      faker (~> 1.7.2)

GEM
  remote: https://rubygems.org/
  specs:
    ast (2.3.0)
    faker (1.7.2)
      i18n (~> 0.5)
    i18n (0.7.0)
    parser (2.3.3.1)
      ast (~> 2.2)
    powerpack (0.1.1)
    rainbow (2.2.1)
    rake (10.5.0)
    rubocop (0.47.1)
      parser (>= 2.3.3.1, < 3.0)
      powerpack (~> 0.1)
      rainbow (>= 1.99.1, < 3.0)
      ruby-progressbar (~> 1.7)
      unicode-display_width (~> 1.0, >= 1.0.1)
    ruby-progressbar (1.8.1)
    unicode-display_width (1.1.3)

PLATFORMS
  ruby

DEPENDENCIES
  bundler (~> 1.14)
  data_helpers!
  rake (~> 10.0)
  rubocop (~> 0.47.1)

BUNDLED WITH
   1.14.2
